PATH
  remote: .
  specs:
    codeplane (0.1.6)
      activesupport (>= 3.0)
      i18n
      json_pure (~> 1.5.3)

GEM
  remote: https://rubygems.org/
  specs:
    activesupport (5.0.0.1)
      concurrent-ruby (~> 1.0, >= 1.0.2)
      i18n (~> 0.7)
      minitest (~> 5.1)
      tzinfo (~> 1.1)
    addressable (2.2.8)
    concurrent-ruby (1.0.2)
    diff-lcs (1.2.5)
    fakeweb (1.3.0)
    i18n (0.7.0)
    json_pure (1.5.5)
      spruz (~> 0.2.8)
    minitest (5.9.0)
    notifier (0.5.2)
    rake (11.2.2)
    rspec (2.99.0)
      rspec-core (~> 2.99.0)
      rspec-expectations (~> 2.99.0)
      rspec-mocks (~> 2.99.0)
    rspec-core (2.99.2)
    rspec-expectations (2.99.2)
      diff-lcs (>= 1.1.3, < 2.0)
    rspec-mocks (2.99.4)
    spruz (0.2.13)
    test_notifier (2.0.3)
      notifier
    thread_safe (0.3.5)
    tzinfo (1.2.2)
      thread_safe (~> 0.1)

PLATFORMS
  ruby

DEPENDENCIES
  addressable (~> 2.2.6)
  codeplane!
  fakeweb
  rake
  rspec (~> 2.6)
  test_notifier

BUNDLED WITH
   1.12.5
